GEM
  remote: https://rubygems.org/
  specs:
    chef-api (0.7.1)
      logify (~> 0.1)
      mime-types
    httparty (0.15.6)
      multi_xml (>= 0.5.2)
    json (2.1.0)
    logify (0.2.0)
    mime-types (3.1)
      mime-types-data (~> 3.2015)
    mime-types-data (3.2016.0521)
    multi_xml (0.6.0)

PLATFORMS
  ruby

DEPENDENCIES
  chef-api (~> 0.7.1)
  httparty (~> 0.15.6)
  json (~> 2.1)

BUNDLED WITH
   1.15.3
